GEM
  remote: https://rubygems.org/
  specs:
    agoo (2.8.3)

PLATFORMS
  ruby

DEPENDENCIES
  agoo

BUNDLED WITH
   1.17.3
